GIT
  remote: https://github.com/AlchemyCMS/alchemy_cms.git
  revision: d7959629e74b439d1c2e96e7e8e45b595cd2c63b
  branch: rails-5
  specs:
    alchemy_cms (3.6.0.beta)
      active_model_serializers (~> 0.9.0)
      acts-as-taggable-on (~> 4.0)
      acts_as_list (~> 0.3)
      awesome_nested_set (~> 3.1)
      bourbon (~> 4.2)
      cancancan (~> 1.9)
      coffee-rails (~> 4.0)
      dragonfly (~> 1.0.7)
      dragonfly_svg (~> 0.0.4)
      handlebars_assets (~> 0.23)
      jquery-rails (~> 4.0)
      jquery-ui-rails (~> 5.0.0)
      kaminari (~> 0.15)
      magiclabs-userstamp (~> 3.0)
      non-stupid-digest-assets (~> 1.0.8)
      rails (~> 5.0.0)
      ransack (~> 1.4)
      request_store (~> 1.2)
      responders (~> 2.0)
      select2-rails (>= 3.5.9.1, < 4.0)
      simple_form (~> 3.0)
      turbolinks (>= 2.5)

GIT
  remote: https://github.com/activeadmin/activeadmin.git
  revision: 9cffa4a8113405a6fb0a73b9ec725a1d55ed039a
  specs:
    activeadmin (1.0.0)
      arbre (>= 1.1.1)
      bourbon
      coffee-rails
      formtastic (~> 3.1)
      formtastic_i18n
      inherited_resources (~> 1.7)
      jquery-rails
      jquery-ui-rails
      kaminari (>= 0.15, < 2.0)
      railties (>= 4.2, < 5.2)
      ransack (~> 1.3)
      sass-rails
      sprockets (< 4.1)

GIT
  remote: https://github.com/galetahub/ckeditor.git
  revision: 11d3a5b905646c6fd397f7710f95fb9eb29f0865
  specs:
    ckeditor (4.2.2)
      cocaine
      orm_adapter (~> 0.5.0)

GEM
  remote: https://rubygems.org/
  specs:
    accountingjs-rails (0.0.4)
    actioncable (5.0.2)
      actionpack (= 5.0.2)
      nio4r (>= 1.2, < 3.0)
      websocket-driver (~> 0.6.1)
    actionmailer (5.0.2)
      actionpack (= 5.0.2)
      actionview (= 5.0.2)
      activejob (= 5.0.2)
      mail (~> 2.5, >= 2.5.4)
      rails-dom-testing (~> 2.0)
    actionpack (5.0.2)
      actionview (= 5.0.2)
      activesupport (= 5.0.2)
      rack (~> 2.0)
      rack-test (~> 0.6.3)
      rails-dom-testing (~> 2.0)
      rails-html-sanitizer (~> 1.0, >= 1.0.2)
    actionview (5.0.2)
      activesupport (= 5.0.2)
      builder (~> 3.1)
      erubis (~> 2.7.0)
      rails-dom-testing (~> 2.0)
      rails-html-sanitizer (~> 1.0, >= 1.0.3)
    active_model_serializers (0.9.6)
      activemodel (>= 3.2)
    activejob (5.0.2)
      activesupport (= 5.0.2)
      globalid (>= 0.3.6)
    activemodel (5.0.2)
      activesupport (= 5.0.2)
    activerecord (5.0.2)
      activemodel (= 5.0.2)
      activesupport (= 5.0.2)
      arel (~> 7.0)
    activesupport (5.0.2)
      concurrent-ruby (~> 1.0, >= 1.0.2)
      i18n (~> 0.7)
      minitest (~> 5.1)
      tzinfo (~> 1.1)
    acts-as-taggable-on (4.0.0)
      activerecord (>= 4.0)
    acts_as_list (0.9.5)
      activerecord (>= 3.0)
    addressable (2.5.1)
      public_suffix (~> 2.0, >= 2.0.2)
    arbre (1.1.1)
      activesupport (>= 3.0.0)
    arel (7.1.4)
    autoprefixer-rails (6.7.7.2)
      execjs
    awesome_nested_set (3.1.2)
      activerecord (>= 4.0.0, < 5.1)
    bcrypt (3.1.11)
    bindex (0.5.0)
    bootstrap (4.0.0.alpha6)
      autoprefixer-rails (>= 6.0.3)
      sass (>= 3.4.19)
    bourbon (4.3.4)
      sass (~> 3.4)
      thor (~> 0.19)
    builder (3.2.3)
    byebug (9.0.6)
    cancancan (1.16.0)
    capybara (2.7.1)
      addressable
      mime-types (>= 1.16)
      nokogiri (>= 1.3.3)
      rack (>= 1.0.0)
      rack-test (>= 0.5.4)
      xpath (~> 2.0)
    carrierwave (1.1.0)
      activemodel (>= 4.0.0)
      activesupport (>= 4.0.0)
      mime-types (>= 1.16)
    childprocess (0.6.3)
      ffi (~> 1.0, >= 1.0.11)
    climate_control (0.1.0)
    cocaine (0.5.8)
      climate_control (>= 0.0.3, < 1.0)
    coffee-rails (4.2.1)
      coffee-script (>= 2.2.0)
      railties (>= 4.0.0, < 5.2.x)
    coffee-script (2.4.1)
      coffee-script-source
      execjs
    coffee-script-source (1.12.2)
    concurrent-ruby (1.0.5)
    devise (4.2.1)
      bcrypt (~> 3.0)
      orm_adapter (~> 0.1)
      railties (>= 4.1.0, < 5.1)
      responders
      warden (~> 1.2.3)
    dragonfly (1.0.12)
      addressable (~> 2.3)
      multi_json (~> 1.0)
      rack (>= 1.3.0)
    dragonfly_svg (0.0.4)
      dragonfly (~> 1.0)
      nokogiri
    erubis (2.7.0)
    execjs (2.7.0)
    ffi (1.9.18)
    font-awesome-rails (4.7.0.0)
      railties (>= 3.2, < 5.1)
    formtastic (3.1.5)
      actionpack (>= 3.2.13)
    formtastic_i18n (0.6.0)
    globalid (0.4.0)
      activesupport (>= 4.2.0)
    handlebars_assets (0.23.1)
      execjs (~> 2.0)
      multi_json (~> 1.0)
      sprockets (>= 2.0.0)
      tilt (>= 1.2)
    has_scope (0.7.0)
      actionpack (>= 4.1, < 5.1)
      activesupport (>= 4.1, < 5.1)
    i18n (0.8.1)
    i18n-js (3.0.0)
      i18n (~> 0.6, >= 0.6.6)
    inherited_resources (1.7.1)
      actionpack (>= 3.2, < 5.1)
      has_scope (~> 0.6)
      railties (>= 3.2, < 5.1)
      responders
    jbuilder (2.6.3)
      activesupport (>= 3.0.0, < 5.2)
      multi_json (~> 1.2)
    jquery-rails (4.3.1)
      rails-dom-testing (>= 1, < 3)
      railties (>= 4.2.0)
      thor (>= 0.14, < 2.0)
    jquery-ui-rails (5.0.5)
      railties (>= 3.2.16)
    kaminari (0.17.0)
      actionpack (>= 3.0.0)
      activesupport (>= 3.0.0)
    listen (3.1.5)
      rb-fsevent (~> 0.9, >= 0.9.4)
      rb-inotify (~> 0.9, >= 0.9.7)
      ruby_dep (~> 1.2)
    loofah (2.0.3)
      nokogiri (>= 1.5.9)
    magiclabs-userstamp (3.0)
      actionpack (>= 4.0)
      activerecord (>= 4.0)
    mail (2.6.5)
      mime-types (>= 1.16, < 4)
    method_source (0.8.2)
    mime-types (3.1)
      mime-types-data (~> 3.2015)
    mime-types-data (3.2016.0521)
    mini_magick (4.7.0)
    mini_portile2 (2.1.0)
    minitest (5.10.1)
    multi_json (1.12.1)
    nio4r (2.0.0)
    nokogiri (1.7.1)
      mini_portile2 (~> 2.1.0)
    non-stupid-digest-assets (1.0.9)
      sprockets (>= 2.0)
    orm_adapter (0.5.0)
    polyamorous (1.3.1)
      activerecord (>= 3.0)
    public_suffix (2.0.5)
    puma (3.8.2)
    rack (2.0.1)
    rack-test (0.6.3)
      rack (>= 1.0)
    rails (5.0.2)
      actioncable (= 5.0.2)
      actionmailer (= 5.0.2)
      actionpack (= 5.0.2)
      actionview (= 5.0.2)
      activejob (= 5.0.2)
      activemodel (= 5.0.2)
      activerecord (= 5.0.2)
      activesupport (= 5.0.2)
      bundler (>= 1.3.0, < 2.0)
      railties (= 5.0.2)
      sprockets-rails (>= 2.0.0)
    rails-assets-tether (1.4.0)
    rails-dom-testing (2.0.2)
      activesupport (>= 4.2.0, < 6.0)
      nokogiri (~> 1.6)
    rails-html-sanitizer (1.0.3)
      loofah (~> 2.0)
    railties (5.0.2)
      actionpack (= 5.0.2)
      activesupport (= 5.0.2)
      method_source
      rake (>= 0.8.7)
      thor (>= 0.18.1, < 2.0)
    rake (12.0.0)
    ransack (1.8.2)
      actionpack (>= 3.0)
      activerecord (>= 3.0)
      activesupport (>= 3.0)
      i18n
      polyamorous (~> 1.3)
    rb-fsevent (0.9.8)
    rb-inotify (0.9.8)
      ffi (>= 0.5.0)
    request_store (1.3.2)
    responders (2.4.0)
      actionpack (>= 4.2.0, < 5.3)
      railties (>= 4.2.0, < 5.3)
    ruby_dep (1.5.0)
    rubyzip (1.2.1)
    sass (3.4.23)
    sass-rails (5.0.6)
      railties (>= 4.0.0, < 6)
      sass (~> 3.1)
      sprockets (>= 2.8, < 4.0)
      sprockets-rails (>= 2.0, < 4.0)
      tilt (>= 1.1, < 3)
    sassc (1.11.2)
      bundler
      ffi (~> 1.9.6)
      sass (>= 3.3.0)
    sassc-rails (1.3.0)
      railties (>= 4.0.0)
      sass
      sassc (~> 1.9)
      sprockets (> 2.11)
      sprockets-rails
      tilt
    select2-rails (3.5.10)
      thor (~> 0.14)
    selenium-webdriver (3.4.0)
      childprocess (~> 0.5)
      rubyzip (~> 1.0)
      websocket (~> 1.0)
    simple_form (3.4.0)
      actionpack (> 4, < 5.1)
      activemodel (> 4, < 5.1)
    spring (2.0.1)
      activesupport (>= 4.2)
    spring-watcher-listen (2.0.1)
      listen (>= 2.7, < 4.0)
      spring (>= 1.2, < 3.0)
    sprockets (3.7.1)
      concurrent-ruby (~> 1.0)
      rack (> 1, < 3)
    sprockets-rails (3.2.0)
      actionpack (>= 4.0)
      activesupport (>= 4.0)
      sprockets (>= 3.0.0)
    sqlite3 (1.3.13)
    thor (0.19.4)
    thread_safe (0.3.6)
    tilt (2.0.7)
    turbolinks (5.0.1)
      turbolinks-source (~> 5)
    turbolinks-source (5.0.0)
    tzinfo (1.2.3)
      thread_safe (~> 0.1)
    uglifier (3.2.0)
      execjs (>= 0.3.0, < 3)
    warden (1.2.7)
      rack (>= 1.0)
    web-console (3.5.0)
      actionview (>= 5.0)
      activemodel (>= 5.0)
      bindex (>= 0.4.0)
      railties (>= 5.0)
    websocket (1.2.4)
    websocket-driver (0.6.5)
      websocket-extensions (>= 0.1.0)
    websocket-extensions (0.1.2)
    xpath (2.0.0)
      nokogiri (~> 1.3)

PLATFORMS
  ruby

DEPENDENCIES
  accountingjs-rails
  activeadmin!
  alchemy_cms!
  autoprefixer-rails
  bootstrap (~> 4.0.0.alpha6)
  bourbon
  byebug
  capybara (~> 2.7.0)
  carrierwave
  ckeditor!
  coffee-rails (~> 4.2)
  devise
  font-awesome-rails
  i18n-js
  jbuilder (~> 2.5)
  jquery-rails
  listen (>= 3.0.5, < 3.2)
  mini_magick
  puma (~> 3.7)
  rails (~> 5.0)
  rails-assets-tether (>= 1.3.3)
  sassc-rails
  selenium-webdriver
  spring
  spring-watcher-listen (~> 2.0.0)
  sqlite3
  turbolinks (~> 5)
  tzinfo-data
  uglifier (>= 1.3.0)
  web-console (>= 3.3.0)

BUNDLED WITH
   1.13.5
